GEM
  remote: http://rubygems.org/
  specs:
    nest (1.1.1)
      redis
    ohm (1.2.0)
      nest (~> 1.0)
      redis
      scrivener (~> 0.0.3)
    pandoc-ruby (0.5.0)
    rack (1.4.1)
    rack-protection (1.2.0)
      rack
    redis (3.0.1)
    scrivener (0.0.3)
    sinatra (1.3.3)
      rack (~> 1.3, >= 1.3.6)
      rack-protection (~> 1.2)
      tilt (~> 1.3, >= 1.3.3)
    tilt (1.3.3)

PLATFORMS
  ruby

DEPENDENCIES
  ohm
  pandoc-ruby
  sinatra
